GIT
  remote: git://github.com/carrierwaveuploader/carrierwave.git
  revision: d41ad71ad71a813dddf47e750e5a8b5f5c8d4e0d
  specs:
    carrierwave (2.1.0)
      activemodel (>= 5.0.0)
      activesupport (>= 5.0.0)
      addressable (~> 2.6)
      image_processing (~> 1.1)
      mimemagic (>= 0.3.0)
      mini_mime (>= 0.1.3)

GEM
  remote: https://gems.ruby-china.com/
  specs:
    activemodel (5.1.5)
      activesupport (= 5.1.5)
    activerecord (5.1.5)
      activemodel (= 5.1.5)
      activesupport (= 5.1.5)
      arel (~> 8.0)
    activesupport (5.1.5)
      concurrent-ruby (~> 1.0, >= 1.0.2)
      i18n (~> 0.7)
      minitest (~> 5.1)
      tzinfo (~> 1.1)
    addressable (2.8.0)
      public_suffix (>= 2.0.2, < 5.0)
    arel (8.0.0)
    bcrypt (3.1.13)
    builder (3.2.4)
    combine_pdf (1.0.18)
      ruby-rc4 (>= 0.1.5)
    concurrent-ruby (1.1.6)
    ffi (1.12.2)
    i18n (0.9.5)
      concurrent-ruby (~> 1.0)
    image_processing (1.11.0)
      mini_magick (>= 4.9.5, < 5)
      ruby-vips (>= 2.0.17, < 3)
    mail (2.7.1)
      mini_mime (>= 0.1.1)
    mime-types (3.3.1)
      mime-types-data (~> 3.2015)
    mime-types-data (3.2020.0512)
    mimemagic (0.4.3)
      nokogiri (~> 1)
      rake
    mini_magick (4.10.1)
    mini_mime (1.0.2)
    mini_portile2 (2.4.0)
    minitest (5.14.0)
    moneta (1.0.0)
    mustermann (1.1.1)
      ruby2_keywords (~> 0.0.1)
    nokogiri (1.10.9)
      mini_portile2 (~> 2.4.0)
    padrino (0.14.4)
      padrino-admin (= 0.14.4)
      padrino-cache (= 0.14.4)
      padrino-core (= 0.14.4)
      padrino-gen (= 0.14.4)
      padrino-helpers (= 0.14.4)
      padrino-mailer (= 0.14.4)
      padrino-support (= 0.14.4)
    padrino-admin (0.14.4)
      padrino-core (= 0.14.4)
      padrino-helpers (= 0.14.4)
    padrino-cache (0.14.4)
      moneta (~> 1.0.0)
      padrino-core (= 0.14.4)
      padrino-helpers (= 0.14.4)
    padrino-core (0.14.4)
      padrino-support (= 0.14.4)
      sinatra (>= 2.0.0)
      thor (~> 0.18)
    padrino-gen (0.14.4)
      bundler (~> 1.0)
      padrino-core (= 0.14.4)
    padrino-helpers (0.14.4)
      i18n (~> 0.6, >= 0.6.7)
      padrino-support (= 0.14.4)
      tilt (>= 1.4.1, < 3)
    padrino-mailer (0.14.4)
      mail (~> 2.5)
      mime-types (< 4)
      padrino-core (= 0.14.4)
    padrino-support (0.14.4)
    pdf-core (0.8.1)
    pg (1.2.3)
    prawn (2.3.0)
      pdf-core (~> 0.8.1)
      ttfunk (~> 1.6)
    prawn-table (0.2.2)
      prawn (>= 1.3.0, < 3.0.0)
    public_suffix (4.0.6)
    rack (2.2.2)
    rack-protection (2.0.8.1)
      rack
    rake (13.0.1)
    rmagick (4.1.2)
    rmmseg-cpp-new (0.3.1)
    roo (2.8.3)
      nokogiri (~> 1)
      rubyzip (>= 1.3.0, < 3.0.0)
    ruby-ole (1.2.12.2)
    ruby-pinyin (0.5.0)
      rmmseg-cpp-new (~> 0.3.1)
    ruby-rc4 (0.1.5)
    ruby-vips (2.0.17)
      ffi (~> 1.9)
    ruby2_keywords (0.0.2)
    rubyzip (2.3.0)
    settingslogic (2.0.9)
    sinatra (2.0.8.1)
      mustermann (~> 1.0)
      rack (~> 2.0)
      rack-protection (= 2.0.8.1)
      tilt (~> 2.0)
    spreadsheet (1.2.6)
      ruby-ole (>= 1.0)
    thor (0.20.3)
    thread_safe (0.3.6)
    tilt (2.0.10)
    ttfunk (1.6.2.1)
    tzinfo (1.2.7)
      thread_safe (~> 0.1)
    will_paginate (3.1.8)

PLATFORMS
  ruby

DEPENDENCIES
  activerecord (= 5.1.5)
  activesupport (>= 3.1)
  bcrypt
  builder (~> 3.2, >= 3.2.2)
  carrierwave!
  combine_pdf (~> 1.0, >= 1.0.18)
  nokogiri (~> 1.10, >= 1.10.9)
  padrino (= 0.14.4)
  pg
  prawn (~> 2.3)
  prawn-table (~> 0.2.2)
  rake
  rmagick
  roo (~> 2.8.0)
  ruby-pinyin
  settingslogic (~> 2.0, >= 2.0.9)
  spreadsheet (~> 1.2, >= 1.2.6)
  will_paginate (~> 3.1.0)

BUNDLED WITH
   1.17.3
